GEM
  remote: https://rubygems.org/
  specs:
    nio4r (2.5.8)
    puma (4.3.12)
      nio4r (~> 2.0)

PLATFORMS
  ruby

DEPENDENCIES
  puma

BUNDLED WITH
   2.0.2
