GEM
  remote: https://rubygems.org/
  specs:
    kgio (2.11.2)
    rack (2.1.4)
    raindrops (0.19.0)
    unicorn (5.5.1)
      kgio (~> 2.6)
      raindrops (~> 0.7)

PLATFORMS
  ruby

DEPENDENCIES
  rack
  unicorn

BUNDLED WITH
   2.0.2
